PATH
  remote: .
  specs:
    ignorable (0.3.0)
      activerecord (>= 3)

GEM
  remote: https://rubygems.org/
  specs:
    activemodel (4.2.3)
      activesupport (= 4.2.3)
      builder (~> 3.1)
    activerecord (4.2.3)
      activemodel (= 4.2.3)
      activesupport (= 4.2.3)
      arel (~> 6.0)
    activesupport (4.2.3)
      i18n (~> 0.7)
      json (~> 1.7, >= 1.7.7)
      minitest (~> 5.1)
      thread_safe (~> 0.3, >= 0.3.4)
      tzinfo (~> 1.1)
    appraisal (0.5.2)
      bundler
      rake
    arel (6.0.3)
    builder (3.2.2)
    diff-lcs (1.2.4)
    i18n (0.7.0)
    json (1.8.3)
    minitest (5.8.0)
    mysql2 (0.3.19)
    rake (10.1.0)
    rspec (2.14.1)
      rspec-core (~> 2.14.0)
      rspec-expectations (~> 2.14.0)
      rspec-mocks (~> 2.14.0)
    rspec-core (2.14.4)
    rspec-expectations (2.14.0)
      diff-lcs (>= 1.1.3, < 2.0)
    rspec-mocks (2.14.2)
    thread_safe (0.3.5)
    tzinfo (1.2.2)
      thread_safe (~> 0.1)

PLATFORMS
  ruby

DEPENDENCIES
  appraisal
  ignorable!
  mysql2 (~> 0.3.18)
  rake
  rspec (>= 2)

BUNDLED WITH
   1.10.6
